ObjectType = Image
NDims = 3
BinaryData = True
BinaryDataByteOrderMSB = False
CompressedData = True
CompressedDataSize = 1560362
TransformMatrix = 1 0 0 0 1 0 0 0 1
Offset = -250 -250 -160
CenterOfRotation = 0 0 0
AnatomicalOrientation = RAI
ElementSpacing = 3 3 2.5
DimSize = 167 167 129
ElementType = MET_FLOAT
ElementDataFile = dose_pymatrad.zraw
